GEM
  remote: https://rubygems.org/
  specs:
    awesome_print (1.8.0)
    httparty (0.16.2)
      multi_xml (>= 0.5.2)
    json (2.1.0)
    multi_xml (0.6.0)

PLATFORMS
  ruby

DEPENDENCIES
  awesome_print (~> 1.8)
  httparty (~> 0.16.2)
  json (~> 2.1)

BUNDLED WITH
   1.15.1
